PATH
  remote: .
  specs:
    infopark-user_io (0.0.0)

GEM
  remote: https://rubygems.org/
  specs:
    rake (12.0.0)

PLATFORMS
  ruby

DEPENDENCIES
  bundler
  infopark-user_io!
  rake

BUNDLED WITH
   1.14.6
